GEM
  remote: https://rubygems.org/
  specs:
    rake (12.2.1)
    rubyzip (1.2.1)
    sqlite3 (1.3.11)

PLATFORMS
  ruby

DEPENDENCIES
  rake
  rubyzip (~> 1.2.1)
  sqlite3

BUNDLED WITH
   1.16.0
